GEM
  remote: https://rubygems.org/
  specs:
    addressable (2.3.6)
    akami (1.2.2)
      gyoku (>= 0.4.0)
      nokogiri
    builder (3.2.2)
    faraday (0.9.0)
      multipart-post (>= 1.2, < 3)
    google-ads-common (0.9.5)
      httpi (~> 1.1.0)
      savon (~> 1.2.0)
      signet (~> 0.5.0)
    google-adwords-api (0.13.2)
      google-ads-common (~> 0.9.5)
    gyoku (0.4.6)
      builder (>= 2.1.2)
    httpi (1.1.1)
      rack
    jwt (1.0.0)
    mini_portile (0.6.1)
    multi_json (1.10.1)
    multipart-post (2.0.0)
    nokogiri (1.6.4.1)
      mini_portile (~> 0.6.0)
    nori (1.1.5)
    rack (1.5.2)
    rack-protection (1.5.3)
      rack
    savon (1.2.0)
      akami (~> 1.2.0)
      builder (>= 2.1.2)
      gyoku (~> 0.4.5)
      httpi (~> 1.1.0)
      nokogiri (>= 1.4.0)
      nori (~> 1.1.0)
      wasabi (~> 2.5.0)
    signet (0.5.1)
      addressable (>= 2.2.3)
      faraday (>= 0.9.0.rc5)
      jwt (>= 0.1.5)
      multi_json (>= 1.0.0)
    sinatra (1.4.5)
      rack (~> 1.4)
      rack-protection (~> 1.4)
      tilt (~> 1.3, >= 1.3.4)
    tilt (1.4.1)
    wasabi (2.5.1)
      httpi (~> 1.0)
      nokogiri (>= 1.4.0)

PLATFORMS
  ruby

DEPENDENCIES
  google-adwords-api
  sinatra
